STORAGE: NONE
RESTRICTION: == net5.0
NUGET
  remote: https://api.nuget.org/v3/index.json
    ConstructStyleSheetsPolyfill (1.0.0-beta-001)
      Fable.Core (>= 3.3.1)
      FSharp.Core (>= 5.0)
    Fable.AST (3.1.1)
    Fable.Browser.Blob (1.1.4)
      Fable.Core (>= 3.0)
      FSharp.Core (>= 4.7.2)
    Fable.Browser.Css (2.1)
      Fable.Browser.Dom (>= 2.5)
      Fable.Browser.Svg (>= 2.0.4)
      Fable.Core (>= 3.0)
      FSharp.Core (>= 4.7.2)
    Fable.Browser.Dom (2.8)
      Fable.Browser.Blob (>= 1.1.4)
      Fable.Browser.Event (>= 1.4.6)
      Fable.Browser.WebStorage (>= 1.0.4)
      Fable.Core (>= 3.2.8)
      FSharp.Core (>= 4.7.2)
    Fable.Browser.Event (1.4.6)
      Fable.Browser.Gamepad (>= 1.0.3)
      Fable.Core (>= 3.0)
      FSharp.Core (>= 4.7.2)
    Fable.Browser.Gamepad (1.0.3)
      Fable.Core (>= 3.0)
      FSharp.Core (>= 4.7.2)
    Fable.Browser.MediaQueryList (1.2)
      Fable.Browser.Dom (>= 2.6)
      Fable.Browser.Event (>= 1.4.5)
      Fable.Core (>= 3.0)
      FSharp.Core (>= 4.7.2)
    Fable.Browser.Svg (2.1)
      Fable.Browser.Dom (>= 2.6)
      Fable.Core (>= 3.0)
      FSharp.Core (>= 4.7.2)
    Fable.Browser.WebStorage (1.0.4)
      Fable.Browser.Event (>= 1.4.4)
      Fable.Core (>= 3.0)
      FSharp.Core (>= 4.7.2)
    Fable.Core (3.6.1)
    Fable.Promise (3.1.3)
      Fable.Core (>= 3.1.5)
      FSharp.Core (>= 4.7.2)
    Fable.React (7.4.3)
      Fable.Browser.Dom (>= 2.4.4)
      Fable.Core (>= 3.2.7)
      FSharp.Core (>= 4.7.2)
    Feliz (1.57)
      Fable.Core (>= 3.1.5)
      Fable.React (>= 7.4)
      Feliz.CompilerPlugins (>= 1.6)
      FSharp.Core (>= 4.7.2)
    Feliz.CompilerPlugins (1.6)
      Fable.AST (>= 3.0)
      FSharp.Core (>= 4.7.2)
    Feliz.Engine (1.0.0-beta-004)
      FSharp.Core (>= 5.0)
    Feliz.Engine.Bulma (1.0.0-beta-006)
      Feliz.Engine (>= 1.0.0-beta-004)
      FSharp.Core (>= 5.0)
    Feliz.Engine.Event (1.0.0-beta-004)
      Fable.Browser.Dom (>= 2.2)
      Feliz.Engine (>= 1.0.0-beta-004)
      FSharp.Core (>= 5.0)
    Feliz.Plotly (2.1)
      Fable.Browser.Dom (>= 2.4.4 < 3.0)
      Fable.Core (>= 3.2.7 < 4.0)
      Feliz (>= 1.46 < 2.0)
      FSharp.Core (>= 4.7.2)
    FSharp.Core (6.0.1)
    Sutil (1.0.0-beta-014)
      ConstructStyleSheetsPolyfill (>= 1.0.0-beta-001)
      Fable.Browser.Css (>= 2.1)
      Fable.Browser.Dom (>= 2.8)
      Fable.Browser.Event (>= 1.4.6)
      Fable.Browser.MediaQueryList (>= 1.2)
      Fable.Core (>= 3.6.1)
      Fable.Promise (>= 2.2.2)
      Feliz.Engine (>= 1.0.0-beta-004)
      Feliz.Engine.Bulma (>= 1.0.0-beta-005)
      Feliz.Engine.Event (>= 1.0.0-beta-004)
      FSharp.Core (>= 5.0)
